GEM
  remote: https://rubygems.org/
  specs:
    csv (3.1.1)
    rake (13.0.0)
    tilt (2.0.10)

PLATFORMS
  ruby

DEPENDENCIES
  csv (~> 3.1)
  rake
  tilt (~> 2.0)

BUNDLED WITH
   2.0.2
